PATH
  remote: .
  specs:
    ups-ruby (0.15.0)
      excon (~> 0.45, >= 0.45.3)
      insensitive_hash (~> 0.3.3)
      levenshtein-ffi (~> 1.1)
      ox (~> 2.2, >= 2.2.0)

GEM
  remote: http://rubygems.org/
  specs:
    codeclimate-test-reporter (1.0.5)
      simplecov
    coderay (1.1.2)
    docile (1.1.5)
    excon (0.69.1)
    ffi (1.11.3)
    insensitive_hash (0.3.3)
    json (1.8.6)
    levenshtein-ffi (1.1.0)
      ffi (~> 1.9)
    method_source (0.9.2)
    mini_portile2 (2.4.0)
    minitest (5.7.0)
    nokogiri (1.10.3)
      mini_portile2 (~> 2.4.0)
    ox (2.11.0)
    pry (0.12.2)
      coderay (~> 1.1.0)
      method_source (~> 0.9.0)
    rake (12.0.0)
    simplecov (0.10.0)
      docile (~> 1.1.0)
      json (~> 1.8)
      simplecov-html (~> 0.10.0)
    simplecov-html (0.10.0)

PLATFORMS
  ruby

DEPENDENCIES
  codeclimate-test-reporter (~> 1.0.0)
  minitest
  nokogiri
  pry
  rake
  simplecov
  ups-ruby!

BUNDLED WITH
   2.0.2
